PATH
  remote: .
  specs:
    dpl (1.5.7)

GEM
  remote: https://rubygems.org/
  specs:
    activemodel (4.0.2)
      activesupport (= 4.0.2)
      builder (~> 3.1.0)
    activesupport (4.0.2)
      i18n (~> 0.6, >= 0.6.4)
      minitest (~> 4.2)
      multi_json (~> 1.3)
      thread_safe (~> 0.1)
      tzinfo (~> 0.3.37)
    addressable (2.3.5)
    af (0.3.12.3)
      highline (~> 1.6.1)
      json_pure (~> 1.5.1)
      rest-client (>= 1.6.1, < 1.7.0)
      rest-client (>= 1.6.1, < 1.7.0)
      rubyzip2 (~> 2.0.1)
      terminal-table (~> 1.4.2)
    anvil-cli (0.16.1)
      progress (~> 2.4.0)
      rest-client (~> 1.6.7)
      thor (~> 0.15.2)
    archive-tar-minitar (0.5.2)
    atomic (1.1.14)
    aws-sdk (1.32.0)
      json (~> 1.4)
      nokogiri (>= 1.4.4)
      uuidtools (~> 2.1)
    builder (3.1.4)
    caldecott-client (0.0.2)
      multi_json (~> 1.3)
    cf (5.4.5)
      addressable
      caldecott-client (~> 0.0.2)
      cfoundry (~> 4.7.1.rc1)
      interact (>= 0.5)
      json_pure
      mothership (>= 0.5.1)
      multi_json (~> 1.3)
      rest-client (~> 1.6)
      uuidtools (~> 2.1)
    cf-uaa-lib (2.0.1)
      multi_json
    cfoundry (4.7.1)
      activemodel (>= 3.2.13, < 5.0.0)
      cf-uaa-lib (~> 2.0.0)
      multi_json (~> 1.7)
      multipart-post (~> 1.1)
      rubyzip (~> 0.9)
    commander (4.1.5)
      highline (~> 1.6.11)
    diff-lcs (1.2.5)
    docile (1.1.2)
    excon (0.31.0)
    fog (1.19.0)
      builder
      excon (~> 0.31.0)
      formatador (~> 0.2.0)
      mime-types
      multi_json (~> 1.0)
      net-scp (~> 1.1)
      net-ssh (>= 2.1.3)
      nokogiri (~> 1.5)
      ruby-hmac
    formatador (0.2.4)
    gems (0.8.3)
    heroku-api (0.3.16)
      excon (~> 0.27)
      multi_json (~> 1.8.2)
    highline (1.6.20)
    httpclient (2.3.4.1)
    i18n (0.6.9)
    interact (0.5.2)
    json (1.8.1)
    json_pure (1.5.5)
      spruz (~> 0.2.8)
    mime-types (2.0)
    mini_portile (0.5.2)
    minitest (4.7.5)
    mothership (0.5.1)
    multi_json (1.8.4)
    multipart-post (1.2.0)
    net-scp (1.1.2)
      net-ssh (>= 2.6.5)
    net-ssh (2.7.0)
    net-ssh-gateway (1.2.0)
      net-ssh (>= 2.6.5)
    net-ssh-multi (1.2.0)
      net-ssh (>= 2.6.5)
      net-ssh-gateway (>= 1.2.0)
    nokogiri (1.6.1)
      mini_portile (~> 0.5.0)
    open4 (1.3.0)
    progress (2.4.0)
    rake (10.1.1)
    rendezvous (0.0.2)
    rest-client (1.6.7)
      mime-types (>= 1.16)
    rhc (1.18.2)
      archive-tar-minitar
      commander (>= 4.0)
      highline (~> 1.6.11)
      httpclient (>= 2.2)
      net-ssh (>= 2.0.11)
      net-ssh-multi (>= 1.2.0)
      open4
    rspec (2.14.1)
      rspec-core (~> 2.14.0)
      rspec-expectations (~> 2.14.0)
      rspec-mocks (~> 2.14.0)
    rspec-core (2.14.7)
    rspec-expectations (2.14.4)
      diff-lcs (>= 1.1.3, < 2.0)
    rspec-mocks (2.14.4)
    ruby-hmac (0.4.0)
    rubyzip (0.9.9)
    rubyzip2 (2.0.2)
    simplecov (0.8.2)
      docile (~> 1.1.0)
      multi_json
      simplecov-html (~> 0.8.0)
    simplecov-html (0.8.0)
    spruz (0.2.13)
    terminal-table (1.4.5)
    thor (0.15.4)
    thread_safe (0.1.3)
      atomic
    tzinfo (0.3.38)
    uuidtools (2.1.4)

PLATFORMS
  ruby

DEPENDENCIES
  af
  anvil-cli (~> 0.16.1)
  aws-sdk
  cf (~> 5.4.5)
  dpl!
  fog
  gems
  heroku-api (~> 0.3.16)
  json
  mime-types
  rake
  rendezvous (~> 0.0.2)
  rhc
  rspec
  simplecov
